GEM
  remote: https://rubygems.org/
  specs:
    concurrent-ruby (1.0.5)
    connection_pool (2.2.2)
    diff-lcs (1.3)
    puma (3.11.4)
    rack (2.0.5)
    rack-protection (2.0.2)
      rack
    redis (4.0.1)
    rspec (3.7.0)
      rspec-core (~> 3.7.0)
      rspec-expectations (~> 3.7.0)
      rspec-mocks (~> 3.7.0)
    rspec-core (3.7.1)
      rspec-support (~> 3.7.0)
    rspec-expectations (3.7.0)
      diff-lcs (>= 1.2.0, < 2.0)
      rspec-support (~> 3.7.0)
    rspec-mocks (3.7.0)
      diff-lcs (>= 1.2.0, < 2.0)
      rspec-support (~> 3.7.0)
    rspec-support (3.7.1)
    sidekiq (5.1.3)
      concurrent-ruby (~> 1.0)
      connection_pool (~> 2.2, >= 2.2.0)
      rack-protection (>= 1.5.0)
      redis (>= 3.3.5, < 5)
    sidekiq-prometheus-exporter (0.1.1)
      sidekiq (>= 3.3.1)

PLATFORMS
  ruby

DEPENDENCIES
  puma (~> 3.7)
  rspec
  sidekiq (~> 5.0)
  sidekiq-prometheus-exporter (~> 0.1)

BUNDLED WITH
   1.13.7
